STORAGE: NONE
RESTRICTION: == net8.0
NUGET
  remote: https://api.nuget.org/v3/index.json
    Akka (1.5.15)
      Akka.Analyzers (>= 0.2.1)
      Microsoft.Extensions.ObjectPool (>= 6.0.26)
      Newtonsoft.Json (>= 13.0.1)
      System.Collections.Immutable (>= 6.0)
      System.Configuration.ConfigurationManager (>= 6.0.1)
      System.Reflection.Emit (>= 4.7)
      System.Threading.Channels (>= 6.0)
    Akka.Analyzers (0.2.1)
    Akka.Cluster (1.5.15)
      Akka.Coordination (>= 1.5.15)
      Akka.Remote (>= 1.5.15)
    Akka.Cluster.Sharding (1.5.15)
      Akka.Cluster.Tools (>= 1.5.15)
      Akka.Coordination (>= 1.5.15)
      Akka.DistributedData (>= 1.5.15)
      Akka.DistributedData.LightningDB (>= 1.5.15)
      Akka.Persistence (>= 1.5.15)
    Akka.Cluster.Tools (1.5.15)
      Akka.Cluster (>= 1.5.15)
      Akka.Coordination (>= 1.5.15)
    Akka.Coordination (1.5.15)
      Akka (>= 1.5.15)
    Akka.DistributedData (1.5.15)
      Akka.Cluster (>= 1.5.15)
      Hyperion (>= 0.12.2)
    Akka.DistributedData.LightningDB (1.5.15)
      Akka.DistributedData (>= 1.5.15)
      LightningDB (>= 0.16)
    Akka.Logger.Serilog (1.5.12.1)
      Akka (>= 1.5.12)
      Serilog (>= 2.12)
    Akka.Persistence (1.5.15)
      Akka (>= 1.5.15)
      Google.Protobuf (>= 3.25.1)
    Akka.Persistence.Query (1.5.15)
      Akka.Persistence (>= 1.5.15)
      Akka.Streams (>= 1.5.15)
    Akka.Persistence.Query.Sql (1.5.15)
      Akka.Persistence (>= 1.5.15)
      Akka.Persistence.Query (>= 1.5.15)
      Akka.Persistence.Sql.Common (>= 1.5.15)
    Akka.Persistence.Sql (1.5.13)
      Akka.Persistence.Query (>= 1.5.13)
      Akka.Streams (>= 1.5.13)
      LanguageExt.Core (>= 4.4.4)
      linq2db (>= 5.2.2)
      Microsoft.Bcl.HashCode (>= 1.1.1)
      System.Linq.Async (>= 6.0.1)
      System.Reactive.Linq (>= 6.0)
    Akka.Persistence.Sql.Common (1.5.15)
      Akka.Persistence (>= 1.5.15)
      System.Data.Common (>= 4.3)
    Akka.Remote (1.5.15)
      Akka (>= 1.5.15)
      DotNetty.Handlers (>= 0.6)
      Google.Protobuf (>= 3.25.1)
    Akka.Serialization.Hyperion (1.5.15)
      Akka (>= 1.5.15)
      Hyperion (>= 0.12.2)
    Akka.Streams (1.5.15)
      Akka (>= 1.5.15)
      Google.Protobuf (>= 3.25.1)
      Reactive.Streams (>= 1.0.2)
    Akkling (0.13)
      Akka (>= 1.5)
      Akka.Serialization.Hyperion (>= 1.5)
      FSharp.Core (>= 6.0.4)
    Akkling.Cluster.Sharding (0.13)
      Akka.Cluster.Sharding (>= 1.5)
      Akkling (>= 0.13)
      Akkling.DistributedData (>= 0.13)
      Akkling.Persistence (>= 0.13)
      FSharp.Core (>= 6.0.4)
    Akkling.DistributedData (0.13)
      Akka.DistributedData (>= 1.5)
      Akkling (>= 0.13)
      FSharp.Core (>= 6.0.4)
    Akkling.Persistence (0.13)
      Akka.Persistence (>= 1.5)
      Akkling (>= 0.13)
      Akkling.Streams (>= 0.13)
      FSharp.Core (>= 6.0.4)
    Akkling.Streams (0.13)
      Akka.Streams (>= 1.5)
      Akkling (>= 0.13)
      FSharp.Core (>= 6.0.4)
    altcover (8.6.125)
    Azure.Core (1.37)
      Microsoft.Bcl.AsyncInterfaces (>= 1.1.1)
      System.Diagnostics.DiagnosticSource (>= 6.0.1)
      System.Memory.Data (>= 1.0.2)
      System.Numerics.Vectors (>= 4.5)
      System.Text.Encodings.Web (>= 4.7.2)
      System.Text.Json (>= 4.7.2)
      System.Threading.Tasks.Extensions (>= 4.5.4)
    Azure.Identity (1.10.4)
      Azure.Core (>= 1.36)
      Microsoft.Identity.Client (>= 4.56)
      Microsoft.Identity.Client.Extensions.Msal (>= 4.56)
      System.Memory (>= 4.5.4)
      System.Security.Cryptography.ProtectedData (>= 4.7)
      System.Text.Json (>= 4.7.2)
      System.Threading.Tasks.Extensions (>= 4.5.4)
    Destructurama.FSharp (1.2)
      FSharp.Core (>= 4.3.4)
      Serilog (>= 2.0 < 3.0)
    DotNetty.Buffers (0.7.5)
      DotNetty.Common (>= 0.7.5)
      System.Runtime.CompilerServices.Unsafe (>= 5.0)
    DotNetty.Codecs (0.7.5)
      DotNetty.Buffers (>= 0.7.5)
      DotNetty.Common (>= 0.7.5)
      DotNetty.Transport (>= 0.7.5)
      System.Collections.Immutable (>= 1.5)
    DotNetty.Common (0.7.5)
      Microsoft.Extensions.Logging (>= 5.0)
      System.Runtime.CompilerServices.Unsafe (>= 5.0)
    DotNetty.Handlers (0.7.5)
      DotNetty.Buffers (>= 0.7.5)
      DotNetty.Codecs (>= 0.7.5)
      DotNetty.Common (>= 0.7.5)
      DotNetty.Transport (>= 0.7.5)
    DotNetty.Transport (0.7.5)
      DotNetty.Buffers (>= 0.7.5)
      DotNetty.Common (>= 0.7.5)
    Dynamitey (3.0.3)
      Microsoft.CSharp (>= 4.7)
      System.ComponentModel (>= 4.3)
    ExcelDataReader (3.6)
    ExcelDataReader.DataSet (3.6)
      ExcelDataReader (>= 3.6)
    ExcelProvider (2.0)
      ExcelDataReader (>= 3.6)
      ExcelDataReader.DataSet (>= 3.6)
      FSharp.Core (>= 4.7.2)
      System.Text.Encoding.CodePages (>= 5.0)
    Expecto (10.1)
      FSharp.Core (>= 7.0.200)
      Mono.Cecil (>= 0.11.4 < 1.0)
    Expecto.FsCheck (10.1)
      Expecto (>= 10.1)
      FsCheck (>= 2.16.5 < 3.0)
    Fable.Core (4.2)
    Fable.Remoting.Giraffe (5.18)
      Fable.Remoting.Server (>= 5.36)
      FSharp.Core (>= 6.0)
      Giraffe (>= 5.0)
      Microsoft.IO.RecyclableMemoryStream (>= 3.0 < 4.0)
    Fable.Remoting.Json (2.23)
      FSharp.Core (>= 6.0)
      Newtonsoft.Json (>= 12.0.2)
    Fable.Remoting.MsgPack (1.21)
      FSharp.Core (>= 4.7.2)
    Fable.Remoting.Server (5.36)
      Fable.Remoting.Json (>= 2.23)
      Fable.Remoting.MsgPack (>= 1.21)
      FSharp.Core (>= 6.0)
      Microsoft.IO.RecyclableMemoryStream (>= 3.0 < 4.0)
    FirebirdSql.Data.FirebirdClient (10.0)
    FluentMigrator (5.0)
      FluentMigrator.Abstractions (>= 5.0)
      Microsoft.Extensions.DependencyInjection (>= 8.0)
      Microsoft.Extensions.Options (>= 8.0)
    FluentMigrator.Abstractions (5.0)
      System.ComponentModel.Annotations (>= 5.0)
      System.ValueTuple (>= 4.5)
    FluentMigrator.Extensions.MySql (5.0)
      FluentMigrator.Abstractions (>= 5.0)
    FluentMigrator.Extensions.Oracle (5.0)
      FluentMigrator.Abstractions (>= 5.0)
    FluentMigrator.Extensions.Postgres (5.0)
      FluentMigrator.Abstractions (>= 5.0)
    FluentMigrator.Extensions.Snowflake (5.0)
      FluentMigrator.Abstractions (>= 5.0)
    FluentMigrator.Extensions.SqlServer (5.0)
      FluentMigrator.Abstractions (>= 5.0)
    FluentMigrator.Runner (5.0)
      FluentMigrator.Runner.Core (>= 5.0)
      FluentMigrator.Runner.Db2 (>= 5.0)
      FluentMigrator.Runner.Firebird (>= 5.0)
      FluentMigrator.Runner.Hana (>= 5.0)
      FluentMigrator.Runner.MySql (>= 5.0)
      FluentMigrator.Runner.Oracle (>= 5.0)
      FluentMigrator.Runner.Postgres (>= 5.0)
      FluentMigrator.Runner.Redshift (>= 5.0)
      FluentMigrator.Runner.Snowflake (>= 5.0)
      FluentMigrator.Runner.SQLite (>= 5.0)
      FluentMigrator.Runner.SqlServer (>= 5.0)
      Microsoft.Extensions.Configuration.Abstractions (>= 8.0)
    FluentMigrator.Runner.Core (5.0)
      FluentMigrator (>= 5.0)
      FluentMigrator.Abstractions (>= 5.0)
      Microsoft.Extensions.Configuration.Abstractions (>= 8.0)
      Microsoft.Extensions.DependencyInjection (>= 8.0)
      Microsoft.Extensions.Logging (>= 8.0)
      Microsoft.Extensions.Options (>= 8.0)
    FluentMigrator.Runner.Db2 (5.0)
      FluentMigrator (>= 5.0)
      FluentMigrator.Runner.Core (>= 5.0)
    FluentMigrator.Runner.Firebird (5.0)
      FirebirdSql.Data.FirebirdClient (>= 10.0)
      FluentMigrator (>= 5.0)
      FluentMigrator.Runner.Core (>= 5.0)
      Microsoft.Extensions.Options (>= 8.0)
    FluentMigrator.Runner.Hana (5.0)
      FluentMigrator (>= 5.0)
      FluentMigrator.Runner.Core (>= 5.0)
    FluentMigrator.Runner.MySql (5.0)
      FluentMigrator (>= 5.0)
      FluentMigrator.Extensions.MySql (>= 5.0)
      FluentMigrator.Runner.Core (>= 5.0)
    FluentMigrator.Runner.Oracle (5.0)
      FluentMigrator (>= 5.0)
      FluentMigrator.Extensions.Oracle (>= 5.0)
      FluentMigrator.Runner.Core (>= 5.0)
    FluentMigrator.Runner.Postgres (5.0)
      FluentMigrator (>= 5.0)
      FluentMigrator.Extensions.Postgres (>= 5.0)
      FluentMigrator.Runner.Core (>= 5.0)
    FluentMigrator.Runner.Redshift (5.0)
      FluentMigrator (>= 5.0)
      FluentMigrator.Runner.Core (>= 5.0)
    FluentMigrator.Runner.Snowflake (5.0)
      FluentMigrator.Extensions.Snowflake (>= 5.0)
      FluentMigrator.Runner.Core (>= 5.0)
    FluentMigrator.Runner.SQLite (5.0)
      FluentMigrator (>= 5.0)
      FluentMigrator.Runner.Core (>= 5.0)
    FluentMigrator.Runner.SqlServer (5.0)
      FluentMigrator (>= 5.0)
      FluentMigrator.Extensions.SqlServer (>= 5.0)
      FluentMigrator.Runner.Core (>= 5.0)
      Microsoft.Data.SqlClient (>= 5.1.2)
    FsCheck (2.16.6)
      FSharp.Core (>= 4.2.3)
    FsConfig (4.1)
      FSharp.Core (>= 6.0)
      Microsoft.Extensions.Configuration (>= 6.0)
      TypeShape (>= 10.0)
    FSharp.Core (8.0.101)
    FSharp.Interop.Dynamic (5.0.1.268)
      Dynamitey (>= 2.0.10.189)
      FSharp.Core (>= 4.2.3)
      Microsoft.CSharp (>= 4.6)
    FsToolkit.ErrorHandling (4.15)
      FSharp.Core (>= 7.0.300)
    Giraffe (6.2)
      FSharp.Core (>= 6.0)
      Giraffe.ViewEngine (>= 1.4)
      Microsoft.IO.RecyclableMemoryStream (>= 2.2.1)
      Newtonsoft.Json (>= 13.0.3)
      System.Text.Json (>= 7.0.3)
    Giraffe.SerilogExtensions (2.2)
      Fable.Remoting.Json (>= 2.17)
      FSharp.Core (>= 6.0.5)
      Giraffe (>= 6.0 < 7.0)
      Microsoft.AspNetCore.Http (>= 2.2.2)
      Serilog (>= 2.10)
    Giraffe.ViewEngine (1.4)
      FSharp.Core (>= 5.0)
    Google.Apis (1.65)
      Google.Apis.Core (>= 1.65)
    Google.Apis.Auth (1.65)
      Google.Apis (>= 1.65)
      Google.Apis.Core (>= 1.65)
      System.Management (>= 7.0.2)
    Google.Apis.Core (1.65)
      Newtonsoft.Json (>= 13.0.3)
    Google.Protobuf (3.25.2)
    Hocon (2.0.4)
      NETStandard.Library (>= 1.6.1)
    Hocon.Extensions.Configuration (2.0.4)
      Hocon (>= 2.0.4)
      Microsoft.Extensions.Configuration.FileExtensions (>= 3.1.4)
    Hyperion (0.12.2)
      Microsoft.CSharp (>= 4.7)
      System.Collections.Immutable (>= 5.0)
      System.Runtime (>= 4.3.1)
      System.Runtime.Serialization.Primitives (>= 4.3)
    LanguageExt.Core (4.4.7)
      Microsoft.Bcl.AsyncInterfaces (>= 7.0)
      Microsoft.CSharp (>= 4.7)
      System.Diagnostics.Contracts (>= 4.3)
      System.Linq (>= 4.3)
      System.Linq.Queryable (>= 4.3)
      System.Memory (>= 4.5.5)
      System.Reflection.Emit (>= 4.7)
      System.Reflection.Emit.Lightweight (>= 4.7)
      System.Threading.Tasks.Extensions (>= 4.5.4)
      System.ValueTuple (>= 4.5)
    LightningDB (0.16)
      System.Memory (>= 4.5.5)
    linq2db (5.3.2)
    Microsoft.ApplicationInsights (2.22)
      System.Diagnostics.DiagnosticSource (>= 5.0)
    Microsoft.ApplicationInsights.AspNetCore (2.22)
      Microsoft.ApplicationInsights (>= 2.22)
      Microsoft.ApplicationInsights.DependencyCollector (>= 2.22)
      Microsoft.ApplicationInsights.EventCounterCollector (>= 2.22)
      Microsoft.ApplicationInsights.PerfCounterCollector (>= 2.22)
      Microsoft.ApplicationInsights.WindowsServer (>= 2.22)
      Microsoft.ApplicationInsights.WindowsServer.TelemetryChannel (>= 2.22)
      Microsoft.AspNetCore.Hosting (>= 2.1.1)
      Microsoft.AspNetCore.Http (>= 2.1.22)
      Microsoft.Extensions.Configuration.Json (>= 3.1)
      Microsoft.Extensions.Logging.ApplicationInsights (>= 2.22)
      System.Text.Encodings.Web (>= 4.7.2)
    Microsoft.ApplicationInsights.DependencyCollector (2.22)
      Microsoft.ApplicationInsights (>= 2.22)
      System.Diagnostics.DiagnosticSource (>= 5.0)
    Microsoft.ApplicationInsights.EventCounterCollector (2.22)
      Microsoft.ApplicationInsights (>= 2.22)
    Microsoft.ApplicationInsights.PerfCounterCollector (2.22)
      Microsoft.ApplicationInsights (>= 2.22)
      Microsoft.Extensions.Caching.Memory (>= 1.0)
      System.Diagnostics.PerformanceCounter (>= 6.0)
    Microsoft.ApplicationInsights.WindowsServer (2.22)
      Microsoft.ApplicationInsights (>= 2.22)
      Microsoft.ApplicationInsights.DependencyCollector (>= 2.22)
      Microsoft.ApplicationInsights.PerfCounterCollector (>= 2.22)
      Microsoft.ApplicationInsights.WindowsServer.TelemetryChannel (>= 2.22)
      System.Diagnostics.DiagnosticSource (>= 5.0)
    Microsoft.ApplicationInsights.WindowsServer.TelemetryChannel (2.22)
      Microsoft.ApplicationInsights (>= 2.22)
      System.IO.FileSystem.AccessControl (>= 4.7)
    Microsoft.AspNetCore.Hosting (2.2.7)
      Microsoft.AspNetCore.Hosting.Abstractions (>= 2.2)
      Microsoft.AspNetCore.Http (>= 2.2)
      Microsoft.AspNetCore.Http.Extensions (>= 2.2)
      Microsoft.Extensions.Configuration (>= 2.2)
      Microsoft.Extensions.Configuration.EnvironmentVariables (>= 2.2.4)
      Microsoft.Extensions.Configuration.FileExtensions (>= 2.2)
      Microsoft.Extensions.DependencyInjection (>= 2.2)
      Microsoft.Extensions.FileProviders.Physical (>= 2.2)
      Microsoft.Extensions.Hosting.Abstractions (>= 2.2)
      Microsoft.Extensions.Logging (>= 2.2)
      Microsoft.Extensions.Options (>= 2.2)
      System.Diagnostics.DiagnosticSource (>= 4.5.1)
      System.Reflection.Metadata (>= 1.6)
    Microsoft.AspNetCore.Hosting.Abstractions (2.2)
      Microsoft.AspNetCore.Hosting.Server.Abstractions (>= 2.2)
      Microsoft.AspNetCore.Http.Abstractions (>= 2.2)
      Microsoft.Extensions.Hosting.Abstractions (>= 2.2)
    Microsoft.AspNetCore.Hosting.Server.Abstractions (2.2)
      Microsoft.AspNetCore.Http.Features (>= 2.2)
      Microsoft.Extensions.Configuration.Abstractions (>= 2.2)
    Microsoft.AspNetCore.Http (2.2.2)
      Microsoft.AspNetCore.Http.Abstractions (>= 2.2)
      Microsoft.AspNetCore.WebUtilities (>= 2.2)
      Microsoft.Extensions.ObjectPool (>= 2.2)
      Microsoft.Extensions.Options (>= 2.2)
      Microsoft.Net.Http.Headers (>= 2.2)
    Microsoft.AspNetCore.Http.Abstractions (2.2)
      Microsoft.AspNetCore.Http.Features (>= 2.2)
      System.Text.Encodings.Web (>= 4.5)
    Microsoft.AspNetCore.Http.Extensions (2.2)
      Microsoft.AspNetCore.Http.Abstractions (>= 2.2)
      Microsoft.Extensions.FileProviders.Abstractions (>= 2.2)
      Microsoft.Net.Http.Headers (>= 2.2)
      System.Buffers (>= 4.5)
    Microsoft.AspNetCore.Http.Features (5.0.17)
      Microsoft.Extensions.Primitives (>= 5.0.1)
      System.IO.Pipelines (>= 5.0.2)
    Microsoft.AspNetCore.SpaServices.Extensions (8.0.1)
      Microsoft.Extensions.FileProviders.Physical (>= 8.0)
    Microsoft.AspNetCore.WebUtilities (8.0.1)
      Microsoft.Net.Http.Headers (>= 8.0.1)
      System.IO.Pipelines (>= 8.0)
    Microsoft.Bcl.AsyncInterfaces (8.0)
    Microsoft.Bcl.HashCode (1.1.1)
    Microsoft.CodeCoverage (17.8)
    Microsoft.CSharp (4.7)
    Microsoft.Data.SqlClient (5.1.4)
      Azure.Identity (>= 1.10.3)
      Microsoft.Data.SqlClient.SNI.runtime (>= 5.1.1)
      Microsoft.Identity.Client (>= 4.56)
      Microsoft.IdentityModel.JsonWebTokens (>= 6.24)
      Microsoft.IdentityModel.Protocols.OpenIdConnect (>= 6.24)
      Microsoft.SqlServer.Server (>= 1.0)
      System.Configuration.ConfigurationManager (>= 6.0.1)
      System.Diagnostics.DiagnosticSource (>= 6.0.1)
      System.Runtime.Caching (>= 6.0)
      System.Security.Cryptography.Cng (>= 5.0)
      System.Security.Principal.Windows (>= 5.0)
      System.Text.Encoding.CodePages (>= 6.0)
      System.Text.Encodings.Web (>= 6.0)
    Microsoft.Data.SqlClient.SNI.runtime (5.1.1)
    Microsoft.Data.SQLite (8.0.1)
      Microsoft.Data.Sqlite.Core (>= 8.0.1)
      SQLitePCLRaw.bundle_e_sqlite3 (>= 2.1.6)
    Microsoft.Data.Sqlite.Core (8.0.1)
      SQLitePCLRaw.core (>= 2.1.6)
    Microsoft.Extensions.Caching.Abstractions (8.0)
      Microsoft.Extensions.Primitives (>= 8.0)
    Microsoft.Extensions.Caching.Memory (8.0)
      Microsoft.Extensions.Caching.Abstractions (>= 8.0)
      Microsoft.Extensions.DependencyInjection.Abstractions (>= 8.0)
      Microsoft.Extensions.Logging.Abstractions (>= 8.0)
      Microsoft.Extensions.Options (>= 8.0)
      Microsoft.Extensions.Primitives (>= 8.0)
    Microsoft.Extensions.Configuration (8.0)
      Microsoft.Extensions.Configuration.Abstractions (>= 8.0)
      Microsoft.Extensions.Primitives (>= 8.0)
    Microsoft.Extensions.Configuration.Abstractions (8.0)
      Microsoft.Extensions.Primitives (>= 8.0)
    Microsoft.Extensions.Configuration.Binder (8.0.1)
      Microsoft.Extensions.Configuration.Abstractions (>= 8.0)
    Microsoft.Extensions.Configuration.EnvironmentVariables (8.0)
      Microsoft.Extensions.Configuration (>= 8.0)
      Microsoft.Extensions.Configuration.Abstractions (>= 8.0)
    Microsoft.Extensions.Configuration.FileExtensions (8.0)
      Microsoft.Extensions.Configuration (>= 8.0)
      Microsoft.Extensions.Configuration.Abstractions (>= 8.0)
      Microsoft.Extensions.FileProviders.Abstractions (>= 8.0)
      Microsoft.Extensions.FileProviders.Physical (>= 8.0)
      Microsoft.Extensions.Primitives (>= 8.0)
    Microsoft.Extensions.Configuration.Json (8.0)
      Microsoft.Extensions.Configuration (>= 8.0)
      Microsoft.Extensions.Configuration.Abstractions (>= 8.0)
      Microsoft.Extensions.Configuration.FileExtensions (>= 8.0)
      Microsoft.Extensions.FileProviders.Abstractions (>= 8.0)
      System.Text.Json (>= 8.0)
    Microsoft.Extensions.DependencyInjection (8.0)
      Microsoft.Extensions.DependencyInjection.Abstractions (>= 8.0)
    Microsoft.Extensions.DependencyInjection.Abstractions (8.0)
    Microsoft.Extensions.DependencyModel (8.0)
      System.Text.Encodings.Web (>= 8.0)
      System.Text.Json (>= 8.0)
    Microsoft.Extensions.Diagnostics.Abstractions (8.0)
      Microsoft.Extensions.DependencyInjection.Abstractions (>= 8.0)
      Microsoft.Extensions.Options (>= 8.0)
      System.Diagnostics.DiagnosticSource (>= 8.0)
    Microsoft.Extensions.FileProviders.Abstractions (8.0)
      Microsoft.Extensions.Primitives (>= 8.0)
    Microsoft.Extensions.FileProviders.Physical (8.0)
      Microsoft.Extensions.FileProviders.Abstractions (>= 8.0)
      Microsoft.Extensions.FileSystemGlobbing (>= 8.0)
      Microsoft.Extensions.Primitives (>= 8.0)
    Microsoft.Extensions.FileSystemGlobbing (8.0)
    Microsoft.Extensions.Hosting.Abstractions (8.0)
      Microsoft.Extensions.Configuration.Abstractions (>= 8.0)
      Microsoft.Extensions.DependencyInjection.Abstractions (>= 8.0)
      Microsoft.Extensions.Diagnostics.Abstractions (>= 8.0)
      Microsoft.Extensions.FileProviders.Abstractions (>= 8.0)
      Microsoft.Extensions.Logging.Abstractions (>= 8.0)
    Microsoft.Extensions.Logging (8.0)
      Microsoft.Extensions.DependencyInjection (>= 8.0)
      Microsoft.Extensions.Logging.Abstractions (>= 8.0)
      Microsoft.Extensions.Options (>= 8.0)
    Microsoft.Extensions.Logging.Abstractions (8.0)
      Microsoft.Extensions.DependencyInjection.Abstractions (>= 8.0)
    Microsoft.Extensions.Logging.ApplicationInsights (2.22)
      Microsoft.ApplicationInsights (>= 2.22)
      Microsoft.Extensions.Logging (>= 2.1.1)
    Microsoft.Extensions.ObjectPool (8.0.1)
    Microsoft.Extensions.Options (8.0.1)
      Microsoft.Extensions.DependencyInjection.Abstractions (>= 8.0)
      Microsoft.Extensions.Primitives (>= 8.0)
    Microsoft.Extensions.Primitives (8.0)
    Microsoft.Identity.Client (4.58.1)
      Microsoft.IdentityModel.Abstractions (>= 6.22)
      System.Diagnostics.DiagnosticSource (>= 7.0.2)
    Microsoft.Identity.Client.Extensions.Msal (4.58.1)
      Microsoft.Identity.Client (>= 4.58.1)
      System.IO.FileSystem.AccessControl (>= 5.0)
      System.Security.Cryptography.ProtectedData (>= 4.5)
    Microsoft.IdentityModel.Abstractions (7.2)
    Microsoft.IdentityModel.JsonWebTokens (7.2)
      Microsoft.IdentityModel.Tokens (>= 7.2)
    Microsoft.IdentityModel.Logging (7.2)
      Microsoft.IdentityModel.Abstractions (>= 7.2)
    Microsoft.IdentityModel.Protocols (7.2)
      Microsoft.IdentityModel.Logging (>= 7.2)
      Microsoft.IdentityModel.Tokens (>= 7.2)
    Microsoft.IdentityModel.Protocols.OpenIdConnect (7.2)
      Microsoft.IdentityModel.Protocols (>= 7.2)
      System.IdentityModel.Tokens.Jwt (>= 7.2)
    Microsoft.IdentityModel.Tokens (7.2)
      Microsoft.IdentityModel.Logging (>= 7.2)
    Microsoft.IO.RecyclableMemoryStream (3.0)
    Microsoft.Net.Http.Headers (8.0.1)
      Microsoft.Extensions.Primitives (>= 8.0)
    Microsoft.NET.Test.Sdk (17.8)
      Microsoft.CodeCoverage (>= 17.8)
      Microsoft.TestPlatform.TestHost (>= 17.8)
    Microsoft.NETCore.Platforms (7.0.4)
    Microsoft.NETCore.Targets (5.0)
    Microsoft.Playwright (1.40)
      Microsoft.Bcl.AsyncInterfaces (>= 6.0)
      System.ComponentModel.Annotations (>= 5.0)
      System.Text.Json (>= 6.0)
    Microsoft.SqlServer.Server (1.0)
    Microsoft.TestPlatform.ObjectModel (17.8)
      NuGet.Frameworks (>= 6.5)
      System.Reflection.Metadata (>= 1.6)
    Microsoft.TestPlatform.TestHost (17.8)
      Microsoft.TestPlatform.ObjectModel (>= 17.8)
      Newtonsoft.Json (>= 13.0.1)
    Mono.Cecil (0.11.5)
    NETStandard.Library (2.0.3)
      Microsoft.NETCore.Platforms (>= 1.1)
    Newtonsoft.Json (13.0.3)
    NodaTime (3.1.10)
      System.Runtime.CompilerServices.Unsafe (>= 4.7.1)
    NuGet.Frameworks (6.8)
    Reactive.Streams (1.0.2)
      NETStandard.Library (>= 1.6)
    Serilog (2.12)
    Serilog.AspNetCore (7.0)
      Microsoft.Extensions.DependencyInjection (>= 7.0)
      Microsoft.Extensions.Logging (>= 7.0)
      Serilog (>= 2.12)
      Serilog.Extensions.Hosting (>= 7.0)
      Serilog.Formatting.Compact (>= 1.1)
      Serilog.Settings.Configuration (>= 7.0)
      Serilog.Sinks.Console (>= 4.0.1)
      Serilog.Sinks.Debug (>= 2.0)
      Serilog.Sinks.File (>= 5.0)
    Serilog.Expressions (3.4.1)
      Serilog (>= 2.10)
    Serilog.Extensions.Hosting (7.0)
      Microsoft.Extensions.DependencyInjection.Abstractions (>= 7.0)
      Microsoft.Extensions.Hosting.Abstractions (>= 7.0)
      Microsoft.Extensions.Logging.Abstractions (>= 7.0)
      Serilog (>= 2.12)
      Serilog.Extensions.Logging (>= 7.0)
    Serilog.Extensions.Logging (7.0)
      Microsoft.Extensions.Logging (>= 7.0)
      Serilog (>= 2.12)
    Serilog.Formatting.Compact (1.1)
      Serilog (>= 2.8)
    Serilog.Settings.Configuration (7.0.1)
      Microsoft.Extensions.Configuration.Binder (>= 7.0)
      Microsoft.Extensions.DependencyModel (>= 7.0)
      Serilog (>= 2.12)
    Serilog.Sinks.ApplicationInsights (4.0)
      Microsoft.ApplicationInsights (>= 2.20)
      Serilog (>= 2.11)
    Serilog.Sinks.Async (1.5)
      Serilog (>= 2.9)
    Serilog.Sinks.Console (4.1)
      Serilog (>= 2.10)
    Serilog.Sinks.Debug (2.0)
      Serilog (>= 2.10)
    Serilog.Sinks.File (5.0)
      Serilog (>= 2.10)
    Serilog.Sinks.PeriodicBatching (3.1)
      Serilog (>= 2.0)
    Serilog.Sinks.Seq (5.2.3)
      Serilog (>= 2.12)
      Serilog.Formatting.Compact (>= 1.1)
      Serilog.Sinks.File (>= 5.0)
      Serilog.Sinks.PeriodicBatching (>= 3.1)
    SQLitePCLRaw.bundle_e_sqlite3 (2.1.7)
      SQLitePCLRaw.lib.e_sqlite3 (>= 2.1.7)
      SQLitePCLRaw.provider.e_sqlite3 (>= 2.1.7)
    SQLitePCLRaw.bundle_green (2.1.7)
      SQLitePCLRaw.lib.e_sqlite3 (>= 2.1.7)
      SQLitePCLRaw.provider.e_sqlite3 (>= 2.1.7)
    SQLitePCLRaw.core (2.1.7)
      System.Memory (>= 4.5.3)
    SQLitePCLRaw.lib.e_sqlite3 (2.1.7)
    SQLitePCLRaw.provider.e_sqlite3 (2.1.7)
      SQLitePCLRaw.core (>= 2.1.7)
    SQLProvider (1.3.23)
      FSharp.Core (>= 6.0.7)
      Newtonsoft.Json (>= 13.0.1)
    System.Buffers (4.5.1)
    System.CodeDom (8.0)
    System.Collections (4.3)
      Microsoft.NETCore.Platforms (>= 1.1)
      Microsoft.NETCore.Targets (>= 1.1)
      System.Runtime (>= 4.3)
    System.Collections.Immutable (8.0)
    System.ComponentModel (4.3)
      System.Runtime (>= 4.3)
    System.ComponentModel.Annotations (5.0)
    System.Configuration.ConfigurationManager (8.0)
      System.Diagnostics.EventLog (>= 8.0)
      System.Security.Cryptography.ProtectedData (>= 8.0)
    System.Data.Common (4.3)
      System.Collections (>= 4.3)
      System.Globalization (>= 4.3)
      System.IO (>= 4.3)
      System.Resources.ResourceManager (>= 4.3)
      System.Runtime (>= 4.3)
      System.Runtime.Extensions (>= 4.3)
      System.Text.RegularExpressions (>= 4.3)
      System.Threading.Tasks (>= 4.3)
    System.Diagnostics.Contracts (4.3)
      System.Runtime (>= 4.3)
    System.Diagnostics.Debug (4.3)
      Microsoft.NETCore.Platforms (>= 1.1)
      Microsoft.NETCore.Targets (>= 1.1)
      System.Runtime (>= 4.3)
    System.Diagnostics.DiagnosticSource (8.0)
    System.Diagnostics.EventLog (8.0)
    System.Diagnostics.PerformanceCounter (8.0)
      System.Configuration.ConfigurationManager (>= 8.0)
    System.Formats.Asn1 (8.0)
    System.Globalization (4.3)
      Microsoft.NETCore.Platforms (>= 1.1)
      Microsoft.NETCore.Targets (>= 1.1)
      System.Runtime (>= 4.3)
    System.IdentityModel.Tokens.Jwt (7.2)
      Microsoft.IdentityModel.JsonWebTokens (>= 7.2)
      Microsoft.IdentityModel.Tokens (>= 7.2)
    System.IO (4.3)
      Microsoft.NETCore.Platforms (>= 1.1)
      Microsoft.NETCore.Targets (>= 1.1)
      System.Runtime (>= 4.3)
      System.Text.Encoding (>= 4.3)
      System.Threading.Tasks (>= 4.3)
    System.IO.FileSystem.AccessControl (5.0)
      System.Security.AccessControl (>= 5.0)
      System.Security.Principal.Windows (>= 5.0)
    System.IO.Pipelines (8.0)
    System.Linq (4.3)
      System.Collections (>= 4.3)
      System.Diagnostics.Debug (>= 4.3)
      System.Resources.ResourceManager (>= 4.3)
      System.Runtime (>= 4.3)
      System.Runtime.Extensions (>= 4.3)
    System.Linq.Async (6.0.1)
      Microsoft.Bcl.AsyncInterfaces (>= 6.0)
    System.Linq.Expressions (4.3)
      System.Collections (>= 4.3)
      System.Diagnostics.Debug (>= 4.3)
      System.Globalization (>= 4.3)
      System.IO (>= 4.3)
      System.Linq (>= 4.3)
      System.ObjectModel (>= 4.3)
      System.Reflection (>= 4.3)
      System.Reflection.Emit (>= 4.3)
      System.Reflection.Emit.ILGeneration (>= 4.3)
      System.Reflection.Emit.Lightweight (>= 4.3)
      System.Reflection.Extensions (>= 4.3)
      System.Reflection.Primitives (>= 4.3)
      System.Reflection.TypeExtensions (>= 4.3)
      System.Resources.ResourceManager (>= 4.3)
      System.Runtime (>= 4.3)
      System.Runtime.Extensions (>= 4.3)
      System.Threading (>= 4.3)
    System.Linq.Queryable (4.3)
      System.Collections (>= 4.3)
      System.Diagnostics.Debug (>= 4.3)
      System.Linq (>= 4.3)
      System.Linq.Expressions (>= 4.3)
      System.Reflection (>= 4.3)
      System.Reflection.Extensions (>= 4.3)
      System.Resources.ResourceManager (>= 4.3)
      System.Runtime (>= 4.3)
    System.Management (8.0)
      System.CodeDom (>= 8.0)
    System.Memory (4.5.5)
    System.Memory.Data (8.0)
      System.Text.Json (>= 8.0)
    System.Numerics.Vectors (4.5)
    System.ObjectModel (4.3)
      System.Collections (>= 4.3)
      System.Diagnostics.Debug (>= 4.3)
      System.Resources.ResourceManager (>= 4.3)
      System.Runtime (>= 4.3)
      System.Threading (>= 4.3)
    System.Reactive (6.0)
    System.Reactive.Linq (6.0)
      System.Reactive (>= 6.0)
      System.Threading.Tasks.Extensions (>= 4.5.4)
    System.Reflection (4.3)
      Microsoft.NETCore.Platforms (>= 1.1)
      Microsoft.NETCore.Targets (>= 1.1)
      System.IO (>= 4.3)
      System.Reflection.Primitives (>= 4.3)
      System.Runtime (>= 4.3)
    System.Reflection.Emit (4.7)
    System.Reflection.Emit.ILGeneration (4.7)
    System.Reflection.Emit.Lightweight (4.7)
    System.Reflection.Extensions (4.3)
      Microsoft.NETCore.Platforms (>= 1.1)
      Microsoft.NETCore.Targets (>= 1.1)
      System.Reflection (>= 4.3)
      System.Runtime (>= 4.3)
    System.Reflection.Metadata (8.0)
      System.Collections.Immutable (>= 8.0)
    System.Reflection.Primitives (4.3)
      Microsoft.NETCore.Platforms (>= 1.1)
      Microsoft.NETCore.Targets (>= 1.1)
      System.Runtime (>= 4.3)
    System.Reflection.TypeExtensions (4.7)
    System.Resources.ResourceManager (4.3)
      Microsoft.NETCore.Platforms (>= 1.1)
      Microsoft.NETCore.Targets (>= 1.1)
      System.Globalization (>= 4.3)
      System.Reflection (>= 4.3)
      System.Runtime (>= 4.3)
    System.Runtime (4.3.1)
      Microsoft.NETCore.Platforms (>= 1.1.1)
      Microsoft.NETCore.Targets (>= 1.1.3)
    System.Runtime.Caching (8.0)
      System.Configuration.ConfigurationManager (>= 8.0)
    System.Runtime.CompilerServices.Unsafe (6.0)
    System.Runtime.Extensions (4.3.1)
      Microsoft.NETCore.Platforms (>= 1.1.1)
      Microsoft.NETCore.Targets (>= 1.1.3)
      System.Runtime (>= 4.3.1)
    System.Runtime.Serialization.Primitives (4.3)
      System.Resources.ResourceManager (>= 4.3)
      System.Runtime (>= 4.3)
    System.Security.AccessControl (6.0)
    System.Security.Cryptography.Cng (5.0)
      System.Formats.Asn1 (>= 5.0)
    System.Security.Cryptography.ProtectedData (8.0)
    System.Security.Principal.Windows (5.0)
    System.Text.Encoding (4.3)
      Microsoft.NETCore.Platforms (>= 1.1)
      Microsoft.NETCore.Targets (>= 1.1)
      System.Runtime (>= 4.3)
    System.Text.Encoding.CodePages (8.0)
    System.Text.Encodings.Web (8.0)
    System.Text.Json (8.0.1)
      System.Text.Encodings.Web (>= 8.0)
    System.Text.RegularExpressions (4.3.1)
      System.Runtime (>= 4.3.1)
    System.Threading (4.3)
      System.Runtime (>= 4.3)
      System.Threading.Tasks (>= 4.3)
    System.Threading.Channels (8.0)
    System.Threading.Tasks (4.3)
      Microsoft.NETCore.Platforms (>= 1.1)
      Microsoft.NETCore.Targets (>= 1.1)
      System.Runtime (>= 4.3)
    System.Threading.Tasks.Extensions (4.5.4)
    System.ValueTuple (4.5)
    Thoth.Json (10.2)
      Fable.Core (>= 3.6.2)
      FSharp.Core (>= 4.7.2)
    Thoth.Json.Net (11.0)
      Fable.Core (>= 3.1.6)
      FSharp.Core (>= 4.7.2)
      Newtonsoft.Json (>= 11.0.2)
    ThrottlingTroll (6.0)
      System.Runtime.Caching (>= 7.0)
    TickSpec (2.0.2)
      FSharp.Core (>= 4.3.4)
    TypeShape (10.0)
      FSharp.Core (>= 4.5.4)
    YoloDev.Expecto.TestSdk (0.14.3)
      Expecto (>= 10.0 < 11.0)
      FSharp.Core (>= 7.0.200)
      System.Collections.Immutable (>= 6.0)

GROUP Build
STORAGE: NONE
RESTRICTION: == net8.0
NUGET
  remote: https://api.nuget.org/v3/index.json
    BlackFox.VsWhere (1.1)
      FSharp.Core (>= 4.2.3)
      Microsoft.Win32.Registry (>= 4.7)
    Fake.Core.CommandLineParsing (6.0)
      FParsec (>= 1.1.1)
      FSharp.Core (>= 6.0.3)
    Fake.Core.Context (6.0)
      FSharp.Core (>= 6.0.3)
    Fake.Core.Environment (6.0)
      FSharp.Core (>= 6.0.3)
    Fake.Core.FakeVar (6.0)
      Fake.Core.Context (>= 6.0)
      FSharp.Core (>= 6.0.3)
    Fake.Core.Process (6.0)
      Fake.Core.Environment (>= 6.0)
      Fake.Core.FakeVar (>= 6.0)
      Fake.Core.String (>= 6.0)
      Fake.Core.Trace (>= 6.0)
      Fake.IO.FileSystem (>= 6.0)
      FSharp.Core (>= 6.0.3)
      System.Collections.Immutable (>= 6.0)
    Fake.Core.SemVer (6.0)
      FSharp.Core (>= 6.0.3)
    Fake.Core.String (6.0)
      FSharp.Core (>= 6.0.3)
    Fake.Core.Target (6.0)
      Fake.Core.CommandLineParsing (>= 6.0)
      Fake.Core.Context (>= 6.0)
      Fake.Core.Environment (>= 6.0)
      Fake.Core.FakeVar (>= 6.0)
      Fake.Core.Process (>= 6.0)
      Fake.Core.String (>= 6.0)
      Fake.Core.Trace (>= 6.0)
      FSharp.Control.Reactive (>= 5.0.2)
      FSharp.Core (>= 6.0.3)
    Fake.Core.Tasks (6.0)
      Fake.Core.Trace (>= 6.0)
      FSharp.Core (>= 6.0.3)
    Fake.Core.Trace (6.0)
      Fake.Core.Environment (>= 6.0)
      Fake.Core.FakeVar (>= 6.0)
      FSharp.Core (>= 6.0.3)
    Fake.Core.Xml (6.0)
      Fake.Core.String (>= 6.0)
      FSharp.Core (>= 6.0.3)
    Fake.DotNet.Cli (6.0)
      Fake.Core.Environment (>= 6.0)
      Fake.Core.Process (>= 6.0)
      Fake.Core.String (>= 6.0)
      Fake.Core.Trace (>= 6.0)
      Fake.DotNet.MSBuild (>= 6.0)
      Fake.DotNet.NuGet (>= 6.0)
      Fake.IO.FileSystem (>= 6.0)
      FSharp.Core (>= 6.0.3)
      Mono.Posix.NETStandard (>= 1.0)
      Newtonsoft.Json (>= 13.0.1)
    Fake.DotNet.MSBuild (6.0)
      BlackFox.VsWhere (>= 1.1)
      Fake.Core.Environment (>= 6.0)
      Fake.Core.Process (>= 6.0)
      Fake.Core.String (>= 6.0)
      Fake.Core.Trace (>= 6.0)
      Fake.IO.FileSystem (>= 6.0)
      FSharp.Core (>= 6.0.3)
      MSBuild.StructuredLogger (>= 2.1.545)
    Fake.DotNet.NuGet (6.0)
      Fake.Core.Environment (>= 6.0)
      Fake.Core.Process (>= 6.0)
      Fake.Core.SemVer (>= 6.0)
      Fake.Core.String (>= 6.0)
      Fake.Core.Tasks (>= 6.0)
      Fake.Core.Trace (>= 6.0)
      Fake.Core.Xml (>= 6.0)
      Fake.IO.FileSystem (>= 6.0)
      Fake.Net.Http (>= 6.0)
      FSharp.Core (>= 6.0.3)
      Newtonsoft.Json (>= 13.0.1)
      NuGet.Protocol (>= 6.0)
    Fake.IO.FileSystem (6.0)
      Fake.Core.String (>= 6.0)
      Fake.Core.Trace (>= 6.0)
      FSharp.Core (>= 6.0.3)
    Fake.Net.Http (6.0)
      Fake.Core.Trace (>= 6.0)
      FSharp.Core (>= 6.0.3)
    FParsec (1.1.1)
      FSharp.Core (>= 4.3.4)
    FSharp.Control.Reactive (5.0.5)
      FSharp.Core (>= 4.7.2)
      System.Reactive (>= 5.0 < 6.0)
    FSharp.Core (8.0.101)
    Microsoft.Build.Framework (17.8.3)
    Microsoft.Build.Utilities.Core (17.8.3)
      Microsoft.Build.Framework (>= 17.8.3)
      Microsoft.NET.StringTools (>= 17.8.3)
      Microsoft.VisualStudio.Setup.Configuration.Interop (>= 3.2.2146)
      System.Collections.Immutable (>= 7.0)
      System.Configuration.ConfigurationManager (>= 7.0)
    Microsoft.NET.StringTools (17.8.3)
    Microsoft.VisualStudio.Setup.Configuration.Interop (3.8.2112)
    Microsoft.Win32.Registry (5.0)
      System.Security.AccessControl (>= 5.0)
      System.Security.Principal.Windows (>= 5.0)
    Mono.Posix.NETStandard (1.0)
    MSBuild.StructuredLogger (2.2.158)
      Microsoft.Build.Framework (>= 17.5)
      Microsoft.Build.Utilities.Core (>= 17.5)
    Newtonsoft.Json (13.0.3)
    NuGet.Common (6.8)
      NuGet.Frameworks (>= 6.8)
    NuGet.Configuration (6.8)
      NuGet.Common (>= 6.8)
      System.Security.Cryptography.ProtectedData (>= 4.4)
    NuGet.Frameworks (6.8)
    NuGet.Packaging (6.8)
      Newtonsoft.Json (>= 13.0.3)
      NuGet.Configuration (>= 6.8)
      NuGet.Versioning (>= 6.8)
      System.Security.Cryptography.Pkcs (>= 6.0.4)
    NuGet.Protocol (6.8)
      NuGet.Packaging (>= 6.8)
    NuGet.Versioning (6.8)
    System.Collections.Immutable (8.0)
    System.Configuration.ConfigurationManager (8.0)
      System.Diagnostics.EventLog (>= 8.0)
      System.Security.Cryptography.ProtectedData (>= 8.0)
    System.Diagnostics.EventLog (8.0)
    System.Formats.Asn1 (8.0)
    System.Reactive (5.0)
    System.Security.AccessControl (6.0)
    System.Security.Cryptography.Pkcs (8.0)
      System.Formats.Asn1 (>= 8.0)
    System.Security.Cryptography.ProtectedData (8.0)
    System.Security.Principal.Windows (5.0)

GROUP Client
STORAGE: NONE
RESTRICTION: == net8.0
NUGET
  remote: https://api.nuget.org/v3/index.json
    Elmish (4.1)
    Elmish.Bridge.Client (7.0.2)
      Elmish.Bridge.RPC (>= 7.0)
      Fable.Browser.Dom (>= 2.14)
      Fable.Browser.Url (>= 1.3.2)
      Fable.Browser.WebSocket (>= 1.3)
      Fable.Elmish (>= 4.0)
      Fable.SimpleJson (>= 3.24)
    Elmish.Bridge.RPC (7.0)
    Fable.Browser.Blob (1.3)
      Fable.Core (>= 3.0)
      FSharp.Core (>= 4.7.2)
    Fable.Browser.Dom (2.16)
      Fable.Browser.Blob (>= 1.3)
      Fable.Browser.Event (>= 1.5)
      Fable.Browser.WebStorage (>= 1.2)
      Fable.Core (>= 3.2.8)
      FSharp.Core (>= 4.7.2)
    Fable.Browser.Event (1.5)
      Fable.Browser.Gamepad (>= 1.1)
      Fable.Core (>= 3.0)
      FSharp.Core (>= 4.7.2)
    Fable.Browser.Gamepad (1.2)
      Fable.Core (>= 3.0)
      FSharp.Core (>= 4.7.2)
    Fable.Browser.Geolocation (1.2)
      Fable.Core (>= 3.0)
      FSharp.Core (>= 4.7.2)
    Fable.Browser.MediaStream (3.3)
      Fable.Browser.Dom (>= 2.11)
      Fable.Browser.Event (>= 1.5)
      Fable.Core (>= 3.0)
      FSharp.Core (>= 4.7.2)
    Fable.Browser.Navigator (2.4)
      Fable.Browser.Gamepad (>= 1.2)
      Fable.Browser.Geolocation (>= 1.2)
      Fable.Browser.MediaStream (>= 3.2)
      Fable.Browser.Worker (>= 1.2)
      Fable.Core (>= 3.1.5)
      FSharp.Core (>= 4.7.2)
    Fable.Browser.Url (1.3.2)
      Fable.Core (>= 3.0)
      FSharp.Core (>= 4.7.2)
    Fable.Browser.WebSocket (1.3)
      Fable.Browser.Event (>= 1.5)
      Fable.Core (>= 3.0)
      FSharp.Core (>= 4.7.2)
    Fable.Browser.WebStorage (1.2)
      Fable.Browser.Event (>= 1.5)
      Fable.Core (>= 3.0)
      FSharp.Core (>= 4.7.2)
    Fable.Browser.Worker (1.2)
      Fable.Browser.Event (>= 1.5)
      Fable.Core (>= 3.0)
      FSharp.Core (>= 4.7.2)
    Fable.Browser.XMLHttpRequest (1.3)
      Fable.Browser.Blob (>= 1.3)
      Fable.Browser.Event (>= 1.5)
      Fable.Core (>= 3.0)
      FSharp.Core (>= 4.7.2)
    Fable.Core (4.2)
    Fable.Elmish (4.1)
      Fable.Core (>= 3.7.1)
      FSharp.Core (>= 4.7.2)
    Fable.Elmish.Browser (4.0.3)
      Fable.Browser.Dom (>= 2.14)
      Fable.Elmish (>= 4.1)
      Fable.Elmish.UrlParser (>= 1.0.2)
      FSharp.Core (>= 4.7.2)
    Fable.Elmish.Debugger (4.0)
      Fable.Elmish (>= 4.0)
      FSharp.Core (>= 6.0.7)
      Thoth.Json (>= 6.0)
    Fable.Elmish.HMR (7.0)
      Fable.Core (>= 3.7.1)
      Fable.Elmish.React (>= 4.0)
      FSharp.Core (>= 4.7.2)
    Fable.Elmish.React (4.0)
      Fable.Elmish (>= 4.0)
      Fable.ReactDom.Types (>= 18.0)
      FSharp.Core (>= 4.7.2)
    Fable.Elmish.UrlParser (1.0.2)
      FSharp.Core (>= 4.7.2)
    Fable.Lit (1.4.2)
      Fable.Browser.Dom (>= 2.5)
      Fable.Core (>= 3.6)
      Fable.Promise (>= 3.1)
      FSharp.Core (>= 5.0)
    Fable.Lit.Elmish (1.4)
      Fable.Elmish (>= 3.1)
      Fable.Lit (>= 1.3.2)
      FSharp.Core (>= 5.0)
    Fable.LitStore (1.0.0-beta-001)
      Fable.Lit (>= 1.4.2)
      Fable.Store (>= 1.0.0-beta-005)
      FSharp.Core (>= 6.0.1)
    Fable.Parsimmon (4.1)
      Fable.Core (>= 3.0)
      FSharp.Core (>= 4.6.2)
    Fable.Promise (3.2)
      Fable.Core (>= 3.7.1)
      FSharp.Core (>= 4.7.2)
    Fable.React.Types (18.3)
      Fable.Browser.Dom (>= 2.4.4)
      Fable.Core (>= 3.2.7)
      FSharp.Core (>= 4.7.2)
    Fable.ReactDom.Types (18.2)
      Fable.React.Types (>= 18.3)
      FSharp.Core (>= 4.7.2)
    Fable.Remoting.Client (7.30)
      Fable.Browser.XMLHttpRequest (>= 1.0)
      Fable.Core (>= 3.1.5)
      Fable.Remoting.MsgPack (>= 1.21)
      Fable.SimpleJson (>= 3.24)
      FSharp.Core (>= 4.7.2)
    Fable.Remoting.MsgPack (1.21)
      FSharp.Core (>= 4.7.2)
    Fable.SimpleJson (3.24)
      Fable.Core (>= 3.1.5)
      Fable.Parsimmon (>= 4.0)
      FSharp.Core (>= 4.7)
    Fable.Store (1.0.0-beta-005)
      Fable.Core (>= 3.1.6)
      FSharp.Core (>= 5.0)
    FSharp.Control.AsyncRx (1.6.7)
      FSharp.Core (>= 6.0.6)
    FSharp.Core (8.0.101)
    FsToolkit.ErrorHandling (4.15)
      FSharp.Core (>= 7.0.300)
    Thoth.Json (10.2)
      Fable.Core (>= 3.6.2)
      FSharp.Core (>= 4.7.2)
