STORAGE: NONE
RESTRICTION: == net8.0
NUGET
  remote: https://api.nuget.org/v3/index.json
    Akka (1.5.14)
      Microsoft.Extensions.ObjectPool (>= 7.0.10)
      Newtonsoft.Json (>= 13.0.1)
      System.Collections.Immutable (>= 5.0)
      System.Configuration.ConfigurationManager (>= 6.0.1)
      System.Reflection.Emit (>= 4.7)
      System.Threading.Channels (>= 5.0)
    Akka.Logger.Serilog (1.5.12.1)
      Akka (>= 1.5.12)
      Serilog (>= 2.12)
    Akka.Persistence (1.5.14)
      Akka (>= 1.5.14)
      Google.Protobuf (>= 3.24.4)
    Akka.Persistence.Query (1.5.14)
      Akka.Persistence (>= 1.5.14)
      Akka.Streams (>= 1.5.14)
    Akka.Persistence.Query.Sql (1.5.14)
      Akka.Persistence (>= 1.5.14)
      Akka.Persistence.Query (>= 1.5.14)
      Akka.Persistence.Sql.Common (>= 1.5.14)
    Akka.Persistence.Sql.Common (1.5.14)
      Akka.Persistence (>= 1.5.14)
      System.Data.Common (>= 4.3)
    Akka.Streams (1.5.14)
      Akka (>= 1.5.14)
      Google.Protobuf (>= 3.24.4)
      Reactive.Streams (>= 1.0.2)
    Destructurama.FSharp (1.2)
      FSharp.Core (>= 4.3.4)
      Serilog (>= 2.0 < 3.0)
    Dynamitey (3.0.3)
      Microsoft.CSharp (>= 4.7)
      System.ComponentModel (>= 4.3)
    ExcelDataReader (3.6)
    ExcelDataReader.DataSet (3.6)
      ExcelDataReader (>= 3.6)
    ExcelProvider (2.0)
      ExcelDataReader (>= 3.6)
      ExcelDataReader.DataSet (>= 3.6)
      FSharp.Core (>= 4.7.2)
      System.Text.Encoding.CodePages (>= 5.0)
    Fable.Core (4.2)
    Fable.Remoting.Giraffe (5.17)
      Fable.Remoting.Server (>= 5.35)
      FSharp.Core (>= 6.0)
      Giraffe (>= 5.0)
      Microsoft.IO.RecyclableMemoryStream (>= 2.2)
    Fable.Remoting.Json (2.23)
      FSharp.Core (>= 6.0)
      Newtonsoft.Json (>= 12.0.2)
    Fable.Remoting.MsgPack (1.21)
      FSharp.Core (>= 4.7.2)
    Fable.Remoting.Server (5.35)
      Fable.Remoting.Json (>= 2.23)
      Fable.Remoting.MsgPack (>= 1.21)
      FSharp.Core (>= 6.0)
      Microsoft.IO.RecyclableMemoryStream (>= 2.2)
    FsConfig (4.1)
      FSharp.Core (>= 6.0)
      Microsoft.Extensions.Configuration (>= 6.0)
      TypeShape (>= 10.0)
    FSharp.Core (8.0.100)
    FSharp.Interop.Dynamic (5.0.1.268)
      Dynamitey (>= 2.0.10.189)
      FSharp.Core (>= 4.2.3)
      Microsoft.CSharp (>= 4.6)
    FsToolkit.ErrorHandling (4.11)
      FSharp.Core (>= 7.0.300)
    Giraffe (6.2)
      FSharp.Core (>= 6.0)
      Giraffe.ViewEngine (>= 1.4)
      Microsoft.IO.RecyclableMemoryStream (>= 2.2.1)
      Newtonsoft.Json (>= 13.0.3)
      System.Text.Json (>= 7.0.3)
    Giraffe.SerilogExtensions (2.2)
      Fable.Remoting.Json (>= 2.17)
      FSharp.Core (>= 6.0.5)
      Giraffe (>= 6.0 < 7.0)
      Microsoft.AspNetCore.Http (>= 2.2.2)
      Serilog (>= 2.10)
    Giraffe.ViewEngine (1.4)
      FSharp.Core (>= 5.0)
    Google.Apis (1.64)
      Google.Apis.Core (>= 1.64)
    Google.Apis.Auth (1.64)
      Google.Apis (>= 1.64)
      Google.Apis.Core (>= 1.64)
      System.Management (>= 7.0.2)
    Google.Apis.Core (1.64)
      Newtonsoft.Json (>= 13.0.3)
    Google.Protobuf (3.25.1)
    Hocon (2.0.4)
      NETStandard.Library (>= 1.6.1)
    Hocon.Extensions.Configuration (2.0.4)
      Hocon (>= 2.0.4)
      Microsoft.Extensions.Configuration.FileExtensions (>= 3.1.4)
    Microsoft.ApplicationInsights (2.21)
      System.Diagnostics.DiagnosticSource (>= 5.0)
    Microsoft.ApplicationInsights.AspNetCore (2.21)
      Microsoft.ApplicationInsights (>= 2.21)
      Microsoft.ApplicationInsights.DependencyCollector (>= 2.21)
      Microsoft.ApplicationInsights.EventCounterCollector (>= 2.21)
      Microsoft.ApplicationInsights.PerfCounterCollector (>= 2.21)
      Microsoft.ApplicationInsights.WindowsServer (>= 2.21)
      Microsoft.ApplicationInsights.WindowsServer.TelemetryChannel (>= 2.21)
      Microsoft.AspNetCore.Hosting (>= 2.1.1)
      Microsoft.AspNetCore.Http (>= 2.1.22)
      Microsoft.Extensions.Configuration.Json (>= 3.1)
      Microsoft.Extensions.Logging.ApplicationInsights (>= 2.21)
      System.Text.Encodings.Web (>= 4.7.2)
    Microsoft.ApplicationInsights.DependencyCollector (2.21)
      Microsoft.ApplicationInsights (>= 2.21)
      System.Diagnostics.DiagnosticSource (>= 5.0)
    Microsoft.ApplicationInsights.EventCounterCollector (2.21)
      Microsoft.ApplicationInsights (>= 2.21)
    Microsoft.ApplicationInsights.PerfCounterCollector (2.21)
      Microsoft.ApplicationInsights (>= 2.21)
      Microsoft.Extensions.Caching.Memory (>= 1.0)
      System.Diagnostics.PerformanceCounter (>= 4.7)
    Microsoft.ApplicationInsights.WindowsServer (2.21)
      Microsoft.ApplicationInsights (>= 2.21)
      Microsoft.ApplicationInsights.DependencyCollector (>= 2.21)
      Microsoft.ApplicationInsights.PerfCounterCollector (>= 2.21)
      Microsoft.ApplicationInsights.WindowsServer.TelemetryChannel (>= 2.21)
      System.Diagnostics.DiagnosticSource (>= 5.0)
    Microsoft.ApplicationInsights.WindowsServer.TelemetryChannel (2.21)
      Microsoft.ApplicationInsights (>= 2.21)
      System.IO.FileSystem.AccessControl (>= 4.7)
    Microsoft.AspNetCore.Hosting (2.2.7)
      Microsoft.AspNetCore.Hosting.Abstractions (>= 2.2)
      Microsoft.AspNetCore.Http (>= 2.2)
      Microsoft.AspNetCore.Http.Extensions (>= 2.2)
      Microsoft.Extensions.Configuration (>= 2.2)
      Microsoft.Extensions.Configuration.EnvironmentVariables (>= 2.2.4)
      Microsoft.Extensions.Configuration.FileExtensions (>= 2.2)
      Microsoft.Extensions.DependencyInjection (>= 2.2)
      Microsoft.Extensions.FileProviders.Physical (>= 2.2)
      Microsoft.Extensions.Hosting.Abstractions (>= 2.2)
      Microsoft.Extensions.Logging (>= 2.2)
      Microsoft.Extensions.Options (>= 2.2)
      System.Diagnostics.DiagnosticSource (>= 4.5.1)
      System.Reflection.Metadata (>= 1.6)
    Microsoft.AspNetCore.Hosting.Abstractions (2.2)
      Microsoft.AspNetCore.Hosting.Server.Abstractions (>= 2.2)
      Microsoft.AspNetCore.Http.Abstractions (>= 2.2)
      Microsoft.Extensions.Hosting.Abstractions (>= 2.2)
    Microsoft.AspNetCore.Hosting.Server.Abstractions (2.2)
      Microsoft.AspNetCore.Http.Features (>= 2.2)
      Microsoft.Extensions.Configuration.Abstractions (>= 2.2)
    Microsoft.AspNetCore.Http (2.2.2)
      Microsoft.AspNetCore.Http.Abstractions (>= 2.2)
      Microsoft.AspNetCore.WebUtilities (>= 2.2)
      Microsoft.Extensions.ObjectPool (>= 2.2)
      Microsoft.Extensions.Options (>= 2.2)
      Microsoft.Net.Http.Headers (>= 2.2)
    Microsoft.AspNetCore.Http.Abstractions (2.2)
      Microsoft.AspNetCore.Http.Features (>= 2.2)
      System.Text.Encodings.Web (>= 4.5)
    Microsoft.AspNetCore.Http.Extensions (2.2)
      Microsoft.AspNetCore.Http.Abstractions (>= 2.2)
      Microsoft.Extensions.FileProviders.Abstractions (>= 2.2)
      Microsoft.Net.Http.Headers (>= 2.2)
      System.Buffers (>= 4.5)
    Microsoft.AspNetCore.Http.Features (5.0.17)
      Microsoft.Extensions.Primitives (>= 5.0.1)
      System.IO.Pipelines (>= 5.0.2)
    Microsoft.AspNetCore.SpaServices.Extensions (8.0)
      Microsoft.Extensions.FileProviders.Physical (>= 8.0)
    Microsoft.AspNetCore.WebUtilities (8.0)
      Microsoft.Net.Http.Headers (>= 8.0)
      System.IO.Pipelines (>= 8.0)
    Microsoft.Bcl.AsyncInterfaces (8.0)
    Microsoft.CSharp (4.7)
    Microsoft.Extensions.Caching.Abstractions (8.0)
      Microsoft.Extensions.Primitives (>= 8.0)
    Microsoft.Extensions.Caching.Memory (8.0)
      Microsoft.Extensions.Caching.Abstractions (>= 8.0)
      Microsoft.Extensions.DependencyInjection.Abstractions (>= 8.0)
      Microsoft.Extensions.Logging.Abstractions (>= 8.0)
      Microsoft.Extensions.Options (>= 8.0)
      Microsoft.Extensions.Primitives (>= 8.0)
    Microsoft.Extensions.Configuration (8.0)
      Microsoft.Extensions.Configuration.Abstractions (>= 8.0)
      Microsoft.Extensions.Primitives (>= 8.0)
    Microsoft.Extensions.Configuration.Abstractions (8.0)
      Microsoft.Extensions.Primitives (>= 8.0)
    Microsoft.Extensions.Configuration.Binder (8.0)
      Microsoft.Extensions.Configuration.Abstractions (>= 8.0)
    Microsoft.Extensions.Configuration.EnvironmentVariables (8.0)
      Microsoft.Extensions.Configuration (>= 8.0)
      Microsoft.Extensions.Configuration.Abstractions (>= 8.0)
    Microsoft.Extensions.Configuration.FileExtensions (8.0)
      Microsoft.Extensions.Configuration (>= 8.0)
      Microsoft.Extensions.Configuration.Abstractions (>= 8.0)
      Microsoft.Extensions.FileProviders.Abstractions (>= 8.0)
      Microsoft.Extensions.FileProviders.Physical (>= 8.0)
      Microsoft.Extensions.Primitives (>= 8.0)
    Microsoft.Extensions.Configuration.Json (8.0)
      Microsoft.Extensions.Configuration (>= 8.0)
      Microsoft.Extensions.Configuration.Abstractions (>= 8.0)
      Microsoft.Extensions.Configuration.FileExtensions (>= 8.0)
      Microsoft.Extensions.FileProviders.Abstractions (>= 8.0)
      System.Text.Json (>= 8.0)
    Microsoft.Extensions.DependencyInjection (8.0)
      Microsoft.Extensions.DependencyInjection.Abstractions (>= 8.0)
    Microsoft.Extensions.DependencyInjection.Abstractions (8.0)
    Microsoft.Extensions.DependencyModel (8.0)
      System.Text.Encodings.Web (>= 8.0)
      System.Text.Json (>= 8.0)
    Microsoft.Extensions.Diagnostics (8.0)
      Microsoft.Extensions.Configuration (>= 8.0)
      Microsoft.Extensions.Diagnostics.Abstractions (>= 8.0)
      Microsoft.Extensions.Options.ConfigurationExtensions (>= 8.0)
    Microsoft.Extensions.Diagnostics.Abstractions (8.0)
      Microsoft.Extensions.DependencyInjection.Abstractions (>= 8.0)
      Microsoft.Extensions.Options (>= 8.0)
      System.Diagnostics.DiagnosticSource (>= 8.0)
    Microsoft.Extensions.FileProviders.Abstractions (8.0)
      Microsoft.Extensions.Primitives (>= 8.0)
    Microsoft.Extensions.FileProviders.Physical (8.0)
      Microsoft.Extensions.FileProviders.Abstractions (>= 8.0)
      Microsoft.Extensions.FileSystemGlobbing (>= 8.0)
      Microsoft.Extensions.Primitives (>= 8.0)
    Microsoft.Extensions.FileSystemGlobbing (8.0)
    Microsoft.Extensions.Hosting.Abstractions (8.0)
      Microsoft.Extensions.Configuration.Abstractions (>= 8.0)
      Microsoft.Extensions.DependencyInjection.Abstractions (>= 8.0)
      Microsoft.Extensions.Diagnostics.Abstractions (>= 8.0)
      Microsoft.Extensions.FileProviders.Abstractions (>= 8.0)
      Microsoft.Extensions.Logging.Abstractions (>= 8.0)
    Microsoft.Extensions.Http (8.0)
      Microsoft.Extensions.Configuration.Abstractions (>= 8.0)
      Microsoft.Extensions.DependencyInjection.Abstractions (>= 8.0)
      Microsoft.Extensions.Diagnostics (>= 8.0)
      Microsoft.Extensions.Logging (>= 8.0)
      Microsoft.Extensions.Logging.Abstractions (>= 8.0)
      Microsoft.Extensions.Options (>= 8.0)
    Microsoft.Extensions.Logging (8.0)
      Microsoft.Extensions.DependencyInjection (>= 8.0)
      Microsoft.Extensions.Logging.Abstractions (>= 8.0)
      Microsoft.Extensions.Options (>= 8.0)
    Microsoft.Extensions.Logging.Abstractions (8.0)
      Microsoft.Extensions.DependencyInjection.Abstractions (>= 8.0)
    Microsoft.Extensions.Logging.ApplicationInsights (2.21)
      Microsoft.ApplicationInsights (>= 2.21)
      Microsoft.Extensions.Logging (>= 2.1.1)
    Microsoft.Extensions.ObjectPool (8.0)
    Microsoft.Extensions.Options (8.0)
      Microsoft.Extensions.DependencyInjection.Abstractions (>= 8.0)
      Microsoft.Extensions.Primitives (>= 8.0)
    Microsoft.Extensions.Options.ConfigurationExtensions (8.0)
      Microsoft.Extensions.Configuration.Abstractions (>= 8.0)
      Microsoft.Extensions.Configuration.Binder (>= 8.0)
      Microsoft.Extensions.DependencyInjection.Abstractions (>= 8.0)
      Microsoft.Extensions.Options (>= 8.0)
      Microsoft.Extensions.Primitives (>= 8.0)
    Microsoft.Extensions.Primitives (8.0)
    Microsoft.IO.RecyclableMemoryStream (2.3.2)
    Microsoft.Net.Http.Headers (8.0)
      Microsoft.Extensions.Primitives (>= 8.0)
    Microsoft.NETCore.Platforms (7.0.4)
    Microsoft.NETCore.Targets (5.0)
    Microsoft.Playwright (1.39)
      Microsoft.Bcl.AsyncInterfaces (>= 6.0)
      System.ComponentModel.Annotations (>= 5.0)
      System.Text.Json (>= 6.0)
    NETStandard.Library (2.0.3)
      Microsoft.NETCore.Platforms (>= 1.1)
    Newtonsoft.Json (13.0.3)
    Reactive.Streams (1.0.2)
      NETStandard.Library (>= 1.6)
    Serilog (2.12)
    Serilog.AspNetCore (7.0)
      Microsoft.Extensions.DependencyInjection (>= 7.0)
      Microsoft.Extensions.Logging (>= 7.0)
      Serilog (>= 2.12)
      Serilog.Extensions.Hosting (>= 7.0)
      Serilog.Formatting.Compact (>= 1.1)
      Serilog.Settings.Configuration (>= 7.0)
      Serilog.Sinks.Console (>= 4.0.1)
      Serilog.Sinks.Debug (>= 2.0)
      Serilog.Sinks.File (>= 5.0)
    Serilog.Expressions (3.4.1)
      Serilog (>= 2.10)
    Serilog.Extensions.Hosting (7.0)
      Microsoft.Extensions.DependencyInjection.Abstractions (>= 7.0)
      Microsoft.Extensions.Hosting.Abstractions (>= 7.0)
      Microsoft.Extensions.Logging.Abstractions (>= 7.0)
      Serilog (>= 2.12)
      Serilog.Extensions.Logging (>= 7.0)
    Serilog.Extensions.Logging (7.0)
      Microsoft.Extensions.Logging (>= 7.0)
      Serilog (>= 2.12)
    Serilog.Formatting.Compact (1.1)
      Serilog (>= 2.8)
    Serilog.Settings.Configuration (7.0.1)
      Microsoft.Extensions.Configuration.Binder (>= 7.0)
      Microsoft.Extensions.DependencyModel (>= 7.0)
      Serilog (>= 2.12)
    Serilog.Sinks.ApplicationInsights (4.0)
      Microsoft.ApplicationInsights (>= 2.20)
      Serilog (>= 2.11)
    Serilog.Sinks.Async (1.5)
      Serilog (>= 2.9)
    Serilog.Sinks.Console (4.1)
      Serilog (>= 2.10)
    Serilog.Sinks.Debug (2.0)
      Serilog (>= 2.10)
    Serilog.Sinks.File (5.0)
      Serilog (>= 2.10)
    Serilog.Sinks.PeriodicBatching (3.1)
      Serilog (>= 2.0)
    Serilog.Sinks.Seq (5.2.3)
      Serilog (>= 2.12)
      Serilog.Formatting.Compact (>= 1.1)
      Serilog.Sinks.File (>= 5.0)
      Serilog.Sinks.PeriodicBatching (>= 3.1)
    SQLitePCLRaw.bundle_green (2.1.6)
      SQLitePCLRaw.lib.e_sqlite3 (>= 2.1.6)
      SQLitePCLRaw.provider.e_sqlite3 (>= 2.1.6)
    SQLitePCLRaw.core (2.1.6)
      System.Memory (>= 4.5.3)
    SQLitePCLRaw.lib.e_sqlite3 (2.1.6)
    SQLitePCLRaw.provider.e_sqlite3 (2.1.6)
      SQLitePCLRaw.core (>= 2.1.6)
    System.Buffers (4.5.1)
    System.CodeDom (8.0)
    System.Collections (4.3)
      Microsoft.NETCore.Platforms (>= 1.1)
      Microsoft.NETCore.Targets (>= 1.1)
      System.Runtime (>= 4.3)
    System.Collections.Immutable (8.0)
    System.ComponentModel (4.3)
      System.Runtime (>= 4.3)
    System.ComponentModel.Annotations (5.0)
    System.Configuration.ConfigurationManager (8.0)
      System.Diagnostics.EventLog (>= 8.0)
      System.Security.Cryptography.ProtectedData (>= 8.0)
    System.Data.Common (4.3)
      System.Collections (>= 4.3)
      System.Globalization (>= 4.3)
      System.IO (>= 4.3)
      System.Resources.ResourceManager (>= 4.3)
      System.Runtime (>= 4.3)
      System.Runtime.Extensions (>= 4.3)
      System.Text.RegularExpressions (>= 4.3)
      System.Threading.Tasks (>= 4.3)
    System.Diagnostics.DiagnosticSource (8.0)
    System.Diagnostics.EventLog (8.0)
    System.Diagnostics.PerformanceCounter (8.0)
      System.Configuration.ConfigurationManager (>= 8.0)
    System.Globalization (4.3)
      Microsoft.NETCore.Platforms (>= 1.1)
      Microsoft.NETCore.Targets (>= 1.1)
      System.Runtime (>= 4.3)
    System.IO (4.3)
      Microsoft.NETCore.Platforms (>= 1.1)
      Microsoft.NETCore.Targets (>= 1.1)
      System.Runtime (>= 4.3)
      System.Text.Encoding (>= 4.3)
      System.Threading.Tasks (>= 4.3)
    System.IO.FileSystem.AccessControl (5.0)
      System.Security.AccessControl (>= 5.0)
      System.Security.Principal.Windows (>= 5.0)
    System.IO.Pipelines (8.0)
    System.Management (8.0)
      System.CodeDom (>= 8.0)
    System.Memory (4.5.5)
    System.Reflection (4.3)
      Microsoft.NETCore.Platforms (>= 1.1)
      Microsoft.NETCore.Targets (>= 1.1)
      System.IO (>= 4.3)
      System.Reflection.Primitives (>= 4.3)
      System.Runtime (>= 4.3)
    System.Reflection.Emit (4.7)
    System.Reflection.Metadata (8.0)
      System.Collections.Immutable (>= 8.0)
    System.Reflection.Primitives (4.3)
      Microsoft.NETCore.Platforms (>= 1.1)
      Microsoft.NETCore.Targets (>= 1.1)
      System.Runtime (>= 4.3)
    System.Resources.ResourceManager (4.3)
      Microsoft.NETCore.Platforms (>= 1.1)
      Microsoft.NETCore.Targets (>= 1.1)
      System.Globalization (>= 4.3)
      System.Reflection (>= 4.3)
      System.Runtime (>= 4.3)
    System.Runtime (4.3.1)
      Microsoft.NETCore.Platforms (>= 1.1.1)
      Microsoft.NETCore.Targets (>= 1.1.3)
    System.Runtime.Caching (8.0)
      System.Configuration.ConfigurationManager (>= 8.0)
    System.Runtime.Extensions (4.3.1)
      Microsoft.NETCore.Platforms (>= 1.1.1)
      Microsoft.NETCore.Targets (>= 1.1.3)
      System.Runtime (>= 4.3.1)
    System.Security.AccessControl (6.0)
    System.Security.Cryptography.ProtectedData (8.0)
    System.Security.Principal.Windows (5.0)
    System.Text.Encoding (4.3)
      Microsoft.NETCore.Platforms (>= 1.1)
      Microsoft.NETCore.Targets (>= 1.1)
      System.Runtime (>= 4.3)
    System.Text.Encoding.CodePages (8.0)
    System.Text.Encodings.Web (8.0)
    System.Text.Json (8.0)
      System.Text.Encodings.Web (>= 8.0)
    System.Text.RegularExpressions (4.3.1)
      System.Runtime (>= 4.3.1)
    System.Threading.Channels (8.0)
    System.Threading.Tasks (4.3)
      Microsoft.NETCore.Platforms (>= 1.1)
      Microsoft.NETCore.Targets (>= 1.1)
      System.Runtime (>= 4.3)
    Thoth.Json (10.2)
      Fable.Core (>= 3.6.2)
      FSharp.Core (>= 4.7.2)
    Thoth.Json.Net (11.0)
      Fable.Core (>= 3.1.6)
      FSharp.Core (>= 4.7.2)
      Newtonsoft.Json (>= 11.0.2)
    ThrottlingTroll (5.0)
      Microsoft.AspNetCore.Http (>= 2.2.2)
      Microsoft.Extensions.Configuration.Binder (>= 7.0.2)
      Microsoft.Extensions.Http (>= 7.0)
      System.Runtime.Caching (>= 7.0)
    TickSpec (2.0.2)
      FSharp.Core (>= 4.3.4)
    TypeShape (10.0)
      FSharp.Core (>= 4.5.4)
